GEM
  remote: https://rubygems.org/
  specs:
    pg (0.20.0)

PLATFORMS
  ruby

DEPENDENCIES
  pg

BUNDLED WITH
   1.14.6
